GEM
  remote: http://rubygems.org/
  specs:
    addressable (2.3.8)
    json-schema (2.6.2)
      addressable (~> 2.3.8)
    minitest (5.4.3)
    puma (3.4.0)
    rack (1.6.4)
    rack-protection (1.5.3)
      rack
    sinatra (1.4.7)
      rack (~> 1.5)
      rack-protection (~> 1.4)
      tilt (>= 1.3, < 3)
    tilt (2.0.4)

PLATFORMS
  ruby

DEPENDENCIES
  json-schema
  minitest
  puma
  sinatra

BUNDLED WITH
   1.10.6
